GEM
  remote: http://rubygems.org/
  specs:
    brewdler (0.3.0)
      commander
    coderay (1.0.5)
    colored (1.2)
    commander (4.1.3)
      highline (~> 1.6.11)
    diff-lcs (1.1.3)
    git-up (0.5.5)
      colored (>= 1.2)
      grit
    grit (2.5.0)
      diff-lcs (~> 1.1)
      mime-types (~> 1.15)
      posix-spawn (~> 0.3.6)
    highline (1.6.15)
    method_source (0.7.0)
    mime-types (1.18)
    posix-spawn (0.3.6)
    powder (0.1.7)
      thor (>= 0.11.5)
    pry (0.9.8.2)
      coderay (~> 1.0.5)
      method_source (~> 0.7)
      slop (>= 2.4.4, < 3)
    slop (2.4.4)
    thor (0.14.6)

PLATFORMS
  ruby

DEPENDENCIES
  brewdler
  git-up
  powder
  pry
